GEM
  remote: http://rubygems.org/
  specs:
    async_sinatra (1.0.0)
      rack (>= 1.4.1)
      sinatra (>= 1.3.2)
    daemons (1.1.9)
    diff-lcs (1.1.3)
    eventmachine (1.0.0.rc.4)
    rack (1.4.1)
    rack-protection (1.2.0)
      rack
    rspec (2.11.0)
      rspec-core (~> 2.11.0)
      rspec-expectations (~> 2.11.0)
      rspec-mocks (~> 2.11.0)
    rspec-core (2.11.1)
    rspec-expectations (2.11.2)
      diff-lcs (~> 1.1.3)
    rspec-mocks (2.11.2)
    sinatra (1.3.3)
      rack (~> 1.3, >= 1.3.6)
      rack-protection (~> 1.2)
      tilt (~> 1.3, >= 1.3.3)
    thin (1.4.1)
      daemons (>= 1.0.9)
      eventmachine (>= 0.12.6)
      rack (>= 1.0.0)
    tilt (1.3.3)

PLATFORMS
  ruby

DEPENDENCIES
  async_sinatra
  eventmachine (= 1.0.0.rc.4)
  rspec
  sinatra
  thin
