GEM
  remote: https://rubygems.org/
  specs:
    addressable (2.3.5)
    async_sinatra (1.1.0)
      rack (>= 1.4.1)
      sinatra (>= 1.3.2)
    beefcake (0.3.7)
    builder (3.2.0)
    childprocess (0.3.5)
      ffi (~> 1.0, >= 1.0.6)
    cri (2.1.0)
    daemons (1.1.9)
    diff-lcs (1.1.3)
    em-websocket (0.5.0)
      eventmachine (>= 0.12.9)
      http_parser.rb (~> 0.5.3)
    eventmachine (1.0.3)
    faster_xml_simple (0.5.0)
      libxml-ruby (>= 0.3.8.4)
    ffi (1.1.5)
    http_parser.rb (0.5.3)
    httpclient (2.3.4.1)
    i18n (0.6.4)
    innertube (1.0.2)
    jasmine (1.2.1)
      jasmine-core (>= 1.2.0)
      rack (~> 1.0)
      rspec (>= 1.3.1)
      selenium-webdriver (>= 0.1.3)
    jasmine-core (1.2.0)
    json (1.8.1)
    libwebsocket (0.1.5)
      addressable
    libxml-ruby (2.7.0)
    mini_portile (0.5.2)
    multi_json (1.7.2)
    net-github-upload (0.0.8)
      faster_xml_simple
      httpclient
      json
      nokogiri (>= 1.4.0)
    nokogiri (1.6.1)
      mini_portile (~> 0.5.0)
    ocra (1.3.1)
    rack (1.5.2)
    rack-protection (1.5.2)
      rack
    rake (0.9.2.2)
    releasy (0.2.2)
      cri (~> 2.1.0)
      net-github-upload (~> 0.0.8)
      ocra (~> 1.3.0)
      rake (~> 0.9.2.2)
      thor (~> 0.14.6)
    riak-client (1.1.1)
      beefcake (~> 0.3.7)
      builder (>= 2.1.2)
      i18n (>= 0.4.0)
      innertube (~> 1.0.2)
      multi_json (~> 1.0)
    rspec (2.11.0)
      rspec-core (~> 2.11.0)
      rspec-expectations (~> 2.11.0)
      rspec-mocks (~> 2.11.0)
    rspec-core (2.11.1)
    rspec-expectations (2.11.2)
      diff-lcs (~> 1.1.3)
    rspec-mocks (2.11.2)
    rubyzip (0.9.9)
    selenium-webdriver (2.25.0)
      childprocess (>= 0.2.5)
      libwebsocket (~> 0.1.3)
      multi_json (~> 1.0)
      rubyzip
    sinatra (1.3.3)
      rack (~> 1.3, >= 1.3.6)
      rack-protection (~> 1.2)
      tilt (~> 1.3, >= 1.3.3)
    thin (1.4.1)
      daemons (>= 1.0.9)
      eventmachine (>= 0.12.6)
      rack (>= 1.0.0)
    thor (0.14.6)
    tilt (1.4.1)

PLATFORMS
  ruby

DEPENDENCIES
  async_sinatra
  em-websocket (= 0.5.0)
  eventmachine (= 1.0.3)
  jasmine
  multi_json (= 1.7.2)
  releasy
  riak-client (= 1.1.1)
  rspec
  sinatra (= 1.3.3)
  thin
